GEM
  remote: http://rubygems.org/
  specs:
    actionmailer (3.2.22.5)
      actionpack (= 3.2.22.5)
      mail (~> 2.5.4)
    actionpack (3.2.22.5)
      activemodel (= 3.2.22.5)
      activesupport (= 3.2.22.5)
      builder (~> 3.0.0)
      erubis (~> 2.7.0)
      journey (~> 1.0.4)
      rack (~> 1.4.5)
      rack-cache (~> 1.2)
      rack-test (~> 0.6.1)
      sprockets (~> 2.2.1)
    activemodel (3.2.22.5)
      activesupport (= 3.2.22.5)
      builder (~> 3.0.0)
    activerecord (3.2.22.5)
      activemodel (= 3.2.22.5)
      activesupport (= 3.2.22.5)
      arel (~> 3.0.2)
      tzinfo (~> 0.3.29)
    activeresource (3.2.22.5)
      activemodel (= 3.2.22.5)
      activesupport (= 3.2.22.5)
    activesupport (3.2.22.5)
      i18n (~> 0.6, >= 0.6.4)
      multi_json (~> 1.0)
    addressable (2.2.8)
    akami (1.3.1)
      gyoku (>= 0.4.0)
      nokogiri
    arel (3.0.3)
    ast (2.3.0)
    attr_required (1.0.1)
    axiom-types (0.1.1)
      descendants_tracker (~> 0.0.4)
      ice_nine (~> 0.11.0)
      thread_safe (~> 0.3, >= 0.3.1)
    bcrypt (3.1.11)
    better_errors (2.1.1)
      coderay (>= 1.0.0)
      erubis (>= 2.6.6)
      rack (>= 0.9.0)
    bigbluebutton-api-ruby (1.6.0)
      xml-simple (~> 1.1)
    binding_of_caller (0.7.2)
      debug_inspector (>= 0.0.1)
    brI18n (3.3.0)
      actionpack (>= 3.0.0)
      activerecord (>= 3.0.0)
      activesupport (>= 3.0.0)
    brazilian-rails (3.3.0)
      brI18n (= 3.3.0)
      brcep (= 3.3.0)
      brcpfcnpj (= 3.3.0)
      brdata (= 3.3.0)
      brdinheiro (= 3.3.0)
      brhelper (= 3.3.0)
      brnumeros (= 3.3.0)
      brstring (= 3.3.0)
    brcep (3.3.0)
    brcpfcnpj (3.3.0)
      actionpack (>= 3.0.0)
      activesupport (>= 3.0.0)
    brdata (3.3.0)
      actionpack (>= 3.0.0)
      activesupport (>= 3.0.0)
    brdinheiro (3.3.0)
      actionpack (>= 3.0.0)
      activerecord (>= 3.0.0)
      brnumeros (= 3.3.0)
    brhelper (3.3.0)
      actionpack (>= 3.0.0)
      activesupport (>= 3.0.0)
    brnumeros (3.3.0)
    brstring (3.3.0)
      activesupport (>= 3.0.0)
    builder (3.0.4)
    cancan (1.6.10)
    capistrano (2.15.9)
      highline
      net-scp (>= 1.0.0)
      net-sftp (>= 2.0.0)
      net-ssh (>= 2.0.14)
      net-ssh-gateway (>= 1.1.0)
    capybara (2.3.0)
      mime-types (>= 1.16)
      nokogiri (>= 1.3.3)
      rack (>= 1.0.0)
      rack-test (>= 0.5.4)
      xpath (~> 2.0)
    childprocess (0.7.1)
      ffi (~> 1.0, >= 1.0.11)
    chronic (0.6.1)
    chunky_png (1.3.8)
    ckeditor (4.0.11)
      mime-types
      orm_adapter (~> 0.5.0)
    climate_control (0.2.0)
    cocaine (0.5.8)
      climate_control (>= 0.0.3, < 1.0)
    coderay (1.1.1)
    coercible (1.0.0)
      descendants_tracker (~> 0.0.1)
    coffee-rails (3.2.2)
      coffee-script (>= 2.2.0)
      railties (~> 3.2.0)
    coffee-script (2.4.1)
      coffee-script-source
      execjs
    coffee-script-source (1.12.2)
    compass (1.0.3)
      chunky_png (~> 1.2)
      compass-core (~> 1.0.2)
      compass-import-once (~> 1.0.5)
      rb-fsevent (>= 0.9.3)
      rb-inotify (>= 0.9)
      sass (>= 3.3.13, < 3.5)
    compass-core (1.0.3)
      multi_json (~> 1.0)
      sass (>= 3.3.0, < 3.5)
    compass-import-once (1.0.5)
      sass (>= 3.2, < 3.5)
    compass-rails (1.1.7)
      compass (>= 0.12.2)
      sprockets (<= 2.11.0)
    cpf_utils (1.2.1)
    cucumber (2.4.0)
      builder (>= 2.1.2)
      cucumber-core (~> 1.5.0)
      cucumber-wire (~> 0.0.1)
      diff-lcs (>= 1.1.3)
      gherkin (~> 4.0)
      multi_json (>= 1.7.5, < 2.0)
      multi_test (>= 0.1.2)
    cucumber-core (1.5.0)
      gherkin (~> 4.0)
    cucumber-rails (1.3.1)
      capybara (>= 1.1.2)
      cucumber (>= 1.2.0)
      nokogiri (>= 1.5.0)
      rails (~> 3.0)
    cucumber-wire (0.0.1)
    daemons (1.2.4)
    database_cleaner (0.7.2)
    debug_inspector (0.0.2)
    delayed_job (4.1.3)
      activesupport (>= 3.0, < 5.2)
    delayed_job_active_record (4.1.2)
      activerecord (>= 3.0, < 5.2)
      delayed_job (>= 3.0, < 5)
    descendants_tracker (0.0.4)
      thread_safe (~> 0.3, >= 0.3.1)
    devise (3.4.1)
      bcrypt (~> 3.0)
      orm_adapter (~> 0.1)
      railties (>= 3.2.6, < 5)
      responders
      thread_safe (~> 0.1)
      warden (~> 1.2.3)
    devise-encryptable (0.2.0)
      devise (>= 2.1.0)
    devise-i18n (0.11.4)
    diff-lcs (1.3)
    docile (1.1.5)
    domain_name (0.5.20170404)
      unf (>= 0.0.5, < 1.0.0)
    doorkeeper (1.4.2)
      railties (>= 3.1)
    em-websocket (0.5.1)
      eventmachine (>= 0.12.9)
      http_parser.rb (~> 0.6.0)
    enumerable-lazy (0.0.2)
    equalizer (0.0.11)
    erubis (2.7.0)
    eventmachine (1.2.3)
    execjs (2.7.0)
    factory_girl (4.2.0)
      activesupport (>= 3.0.0)
    factory_girl_rails (4.2.1)
      factory_girl (~> 4.2.0)
      railties (>= 3.0.0)
    faker (1.8.4)
      i18n (~> 0.5)
    fancybox2-rails (0.2.8)
      railties (>= 3.1.0, < 5.0)
    faraday (0.7.6)
      addressable (~> 2.2)
      multipart-post (~> 1.1)
      rack (~> 1.1)
    fast_stack (0.2.0)
    ffi (1.9.18)
    flamegraph (0.9.5)
    foreigner (1.4.2)
      activerecord (>= 3.0.0)
    fullcalendar-rails (1.6.4.0)
    get_process_mem (0.2.1)
    gherkin (4.1.3)
    grape (0.17.0)
      activesupport
      builder
      hashie (>= 2.1.0)
      multi_json (>= 1.3.2)
      multi_xml (>= 0.5.2)
      mustermann19 (~> 0.4.3)
      rack (>= 1.3.0)
      rack-accept
      virtus (>= 1.0.0)
    grape-rabl (0.4.2)
      grape
      i18n
      rabl
      tilt
    gyoku (1.3.1)
      builder (>= 2.1.2)
    hairtrigger (0.2.19)
      activerecord (>= 2.3)
      ruby2ruby (~> 2.3)
      ruby_parser (~> 3.8)
    haml (4.0.7)
      tilt
    haml-rails (0.4)
      actionpack (>= 3.1, < 4.1)
      activesupport (>= 3.1, < 4.1)
      haml (>= 3.1, < 4.1)
      railties (>= 3.1, < 4.1)
    hashie (3.5.6)
    highline (1.7.8)
    hike (1.2.3)
    http-cookie (1.0.3)
      domain_name (~> 0.5)
    http_parser.rb (0.6.0)
    httpclient (2.8.3)
    httpi (2.4.2)
      rack
      socksify
    i18n (0.8.6)
    ice_nine (0.11.2)
    interception (0.5)
    journey (1.0.4)
    jquery-rails (2.2.2)
      railties (>= 3.0, < 5.0)
      thor (>= 0.14, < 2.0)
    json (1.8.6)
    kgio (2.11.0)
    koala (1.2.0)
      faraday (~> 0.7.0)
      multi_json (~> 1.0)
    launchy (2.1.0)
      addressable (~> 2.2.6)
    mail (2.5.5)
      mime-types (~> 1.16)
      treetop (~> 1.4.8)
    memory_profiler (0.9.8)
    method_source (0.8.2)
    mime-types (1.25.1)
    momentjs-rails (2.8.4)
      railties (>= 3.1)
    multi_json (1.12.1)
    multi_test (0.1.2)
    multi_xml (0.6.0)
    multipart-post (1.2.0)
    mustermann19 (0.4.4)
      enumerable-lazy
    nested_form_fields (0.8.1)
      coffee-rails (>= 3.2.1)
      jquery-rails
      rails (>= 3.2.0)
    net-scp (1.2.1)
      net-ssh (>= 2.6.5)
    net-sftp (2.1.2)
      net-ssh (>= 2.6.5)
    net-ssh (2.6.8)
    net-ssh-gateway (1.3.0)
      net-ssh (>= 2.6.5)
    netrc (0.11.0)
    nokogiri (1.5.5)
    nori (2.6.0)
    orm_adapter (0.5.0)
    paperclip (3.4.2)
      activemodel (>= 3.0.0)
      activerecord (>= 3.0.0)
      activesupport (>= 3.0.0)
      cocaine (~> 0.5.0)
      mime-types
    parallel (1.11.2)
    parser (2.4.0.0)
      ast (~> 2.2)
    passenger (5.0.30)
      rack
      rake (>= 0.8.1)
    pdf-core (0.6.1)
    pg (0.15.1)
    polyglot (0.3.5)
    power_assert (1.0.2)
    powerpack (0.1.1)
    prawn (2.0.2)
      pdf-core (~> 0.6.0)
      ttfunk (~> 1.4.0)
    prawn-table (0.2.2)
      prawn (>= 1.3.0, < 3.0.0)
    pry (0.10.4)
      coderay (~> 1.1.0)
      method_source (~> 0.8.1)
      slop (~> 3.4)
    pry-rails (0.3.6)
      pry (>= 0.10.4)
    pry-rescue (1.4.5)
      interception (>= 0.5)
      pry
    quiet_assets (1.1.0)
      railties (>= 3.1, < 5.0)
    rabl (0.13.1)
      activesupport (>= 2.3.14)
    rack (1.4.7)
    rack-accept (0.4.5)
      rack (>= 0.4)
    rack-cache (1.7.0)
      rack (>= 0.4)
    rack-mini-profiler (0.10.5)
      rack (>= 1.2.0)
    rack-oauth2 (1.0.10)
      activesupport (>= 2.3)
      attr_required (>= 0.0.5)
      httpclient (>= 2.4)
      multi_json (>= 1.3.6)
      rack (>= 1.1)
    rack-ssl (1.3.4)
      rack
    rack-test (0.6.3)
      rack (>= 1.0)
    rails (3.2.22.5)
      actionmailer (= 3.2.22.5)
      actionpack (= 3.2.22.5)
      activerecord (= 3.2.22.5)
      activeresource (= 3.2.22.5)
      activesupport (= 3.2.22.5)
      bundler (~> 1.0)
      railties (= 3.2.22.5)
    railties (3.2.22.5)
      actionpack (= 3.2.22.5)
      activesupport (= 3.2.22.5)
      rack-ssl (~> 1.3.2)
      rake (>= 0.8.7)
      rdoc (~> 3.4)
      thor (>= 0.14.6, < 2.0)
    rainbow (2.2.2)
      rake
    raindrops (0.18.0)
    rake (10.1.1)
    rb-fsevent (0.10.2)
    rb-inotify (0.9.10)
      ffi (>= 0.5.0, < 2)
    rb-readline (0.5.4)
    rdoc (3.12.2)
      json (~> 1.4)
    responders (1.1.2)
      railties (>= 3.2, < 4.2)
    rest-client (2.0.2)
      http-cookie (>= 1.0.2, < 2.0)
      mime-types (>= 1.16, < 4.0)
      netrc (~> 0.8)
    roo (1.13.2)
      nokogiri
      rubyzip
      spreadsheet (> 0.6.4)
    rspec-core (3.4.4)
      rspec-support (~> 3.4.0)
    rspec-expectations (3.4.0)
      diff-lcs (>= 1.2.0, < 2.0)
      rspec-support (~> 3.4.0)
    rspec-mocks (3.4.1)
      diff-lcs (>= 1.2.0, < 2.0)
      rspec-support (~> 3.4.0)
    rspec-rails (3.4.2)
      actionpack (>= 3.0, < 4.3)
      activesupport (>= 3.0, < 4.3)
      railties (>= 3.0, < 4.3)
      rspec-core (~> 3.4.0)
      rspec-expectations (~> 3.4.0)
      rspec-mocks (~> 3.4.0)
      rspec-support (~> 3.4.0)
    rspec-support (3.4.1)
    rubocop (0.49.1)
      parallel (~> 1.10)
      parser (>= 2.3.3.1, < 3.0)
      powerpack (~> 0.1)
      rainbow (>= 1.99.1, < 3.0)
      ruby-progressbar (~> 1.7)
      unicode-display_width (~> 1.0, >= 1.0.1)
    ruby-ole (1.2.12.1)
    ruby-progressbar (1.8.1)
    ruby2ruby (2.4.0)
      ruby_parser (~> 3.1)
      sexp_processor (~> 4.6)
    ruby_parser (3.10.0)
      sexp_processor (~> 4.9)
    rubyzip (1.0.0)
    rufus-scheduler (2.0.24)
      tzinfo (>= 0.3.22)
    rvm-capistrano (1.5.6)
      capistrano (~> 2.15.4)
    sass (3.4.25)
    sass-rails (3.2.6)
      railties (~> 3.2.0)
      sass (>= 3.1.10)
      tilt (~> 1.3)
    savon (2.11.1)
      akami (~> 1.2)
      builder (>= 2.1.2)
      gyoku (~> 1.2)
      httpi (~> 2.3)
      nokogiri (>= 1.4.0)
      nori (~> 2.4)
      wasabi (~> 3.4)
    selenium-webdriver (2.42.0)
      childprocess (>= 0.5.0)
      multi_json (~> 1.0)
      rubyzip (~> 1.0)
      websocket (~> 1.0.4)
    sexp_processor (4.10.0)
    simple_form (2.1.3)
      actionpack (~> 3.0)
      activemodel (~> 3.0)
    simplecov (0.14.1)
      docile (~> 1.1.0)
      json (>= 1.8, < 3)
      simplecov-html (~> 0.10.0)
    simplecov-html (0.10.1)
    slop (3.6.0)
    socksify (1.7.1)
    spork (0.9.2)
    spreadsheet (1.1.4)
      ruby-ole (>= 1.0)
    sprockets (2.2.3)
      hike (~> 1.2)
      multi_json (~> 1.0)
      rack (~> 1.0)
      tilt (~> 1.1, != 1.3.0)
    stackprof (0.2.10)
    strong_parameters (0.2.3)
      actionpack (~> 3.0)
      activemodel (~> 3.0)
      activesupport (~> 3.0)
      railties (~> 3.0)
    test-unit (3.1.9)
      power_assert
    thin (1.7.2)
      daemons (~> 1.0, >= 1.0.9)
      eventmachine (~> 1.0, >= 1.0.4)
      rack (>= 1, < 3)
    thor (0.19.4)
    thread_safe (0.3.6)
    tilt (1.4.1)
    treetop (1.4.15)
      polyglot
      polyglot (>= 0.3.1)
    ttfunk (1.4.0)
    tzinfo (0.3.53)
    uglifier (1.3.0)
      execjs (>= 0.3.0)
      multi_json (~> 1.0, >= 1.0.2)
    unf (0.1.4)
      unf_ext
    unf_ext (0.0.7.4)
    unicode-display_width (1.3.0)
    unicorn (4.6.3)
      kgio (~> 2.6)
      rack
      raindrops (~> 0.7)
    unicorn-worker-killer (0.4.4)
      get_process_mem (~> 0)
      unicorn (>= 4, < 6)
    virtus (1.0.5)
      axiom-types (~> 0.1)
      coercible (~> 1.0)
      descendants_tracker (~> 0.0, >= 0.0.3)
      equalizer (~> 0.0, >= 0.0.9)
    warden (1.2.7)
      rack (>= 1.0)
    wasabi (3.5.0)
      httpi (~> 2.0)
      nokogiri (>= 1.4.2)
    webrat (0.7.3)
      nokogiri (>= 1.2.0)
      rack (>= 1.0)
      rack-test (>= 0.5.3)
    websocket (1.0.7)
    wicked_pdf (1.1.0)
    will_paginate (3.0.12)
    wkhtmltopdf-binary (0.12.3.1)
    xml-simple (1.1.5)
    xpath (2.1.0)
      nokogiri (~> 1.3)

PLATFORMS
  ruby

DEPENDENCIES
  better_errors
  bigbluebutton-api-ruby (~> 1.6.0)
  binding_of_caller
  brazilian-rails (~> 3.3.0)
  cancan (~> 1.6.10)
  capistrano (~> 2.15.4)
  capybara (= 2.3.0)
  chronic (= 0.6.1)
  ckeditor (~> 4.0.11)
  coffee-rails
  compass-rails (~> 1.1.3)
  cpf_utils
  cucumber-rails (~> 1.3.1)
  database_cleaner (= 0.7.2)
  delayed_job_active_record
  devise (~> 3.4.1)
  devise-encryptable (~> 0.2.0)
  devise-i18n (~> 0.11.3)
  doorkeeper (~> 1.4.1)
  em-websocket
  factory_girl_rails (~> 4.2.1)
  faker
  fancybox2-rails (~> 0.2.5)
  fast_stack
  flamegraph
  foreigner (~> 1.4.0)
  fullcalendar-rails (~> 1.6.4.0)
  grape (~> 0.17.0)
  grape-rabl (~> 0.4.2)
  hairtrigger (~> 0.2.12)
  haml (~> 4.0.5)
  haml-rails (~> 0.4.0)
  jquery-rails (~> 2.2.2)
  koala (= 1.2.0)
  launchy (= 2.1.0)
  memory_profiler
  momentjs-rails (~> 2.8.3)
  nested_form_fields
  net-ssh (~> 2.6.8)
  nokogiri (= 1.5.5)
  paperclip (~> 3.4.2)
  passenger (~> 5.0.8)
  pg (~> 0.15.0)
  prawn (~> 2.0.1)
  prawn-table
  pry-rails
  pry-rescue
  quiet_assets
  rabl (~> 0.13.0)
  rack (~> 1.4.5)
  rack-mini-profiler
  rack-oauth2 (~> 1.0.7)
  rails (~> 3.2.16)
  rake (~> 10.1.1)
  rb-readline (~> 0.5.1)
  rest-client
  roo (~> 1.13.2)
  rspec-rails (~> 3.4.0)
  rubocop
  rubyzip (~> 1.0.0)
  rufus-scheduler
  rvm-capistrano (~> 1.5.5)
  sass-rails (~> 3.2.6)
  savon (~> 2.0)
  selenium-webdriver (~> 2.42.0)
  simple_form (~> 2.1.1)
  simplecov
  spork (~> 0.9.2)
  stackprof
  strong_parameters (~> 0.2.3)
  test-unit (~> 3.1.5)
  thin
  uglifier (~> 1.3.0)
  unicorn (~> 4.6.3)
  unicorn-worker-killer (~> 0.4.3)
  webrat (= 0.7.3)
  wicked_pdf
  will_paginate (~> 3.0.7)
  wkhtmltopdf-binary

RUBY VERSION
   ruby 2.1.0p0

BUNDLED WITH
   1.14.6
